GEM
  remote: https://rubygems.org/
  specs:
    backports (3.6.4)
    daemons (1.1.9)
    eventmachine (1.0.4)
    haml (4.0.5)
      tilt
    mail (2.6.3)
      mime-types (>= 1.16, < 3)
    mime-types (2.4.3)
    netrc (0.7.9)
    pony (1.11)
      mail (>= 2.0)
    rack (1.4.4)
    rack-protection (1.3.2)
      rack
    rack-test (0.6.2)
      rack (>= 1.0)
    rest_client (1.8.3)
      netrc (~> 0.7.7)
    sinatra (1.3.3)
      rack (~> 1.3, >= 1.3.6)
      rack-protection (~> 1.2)
      tilt (~> 1.3, >= 1.3.3)
    sinatra-contrib (1.3.2)
      backports (>= 2.0)
      eventmachine
      rack-protection
      rack-test
      sinatra (~> 1.3.0)
      tilt (~> 1.3)
    sinatra-flash (0.3.0)
      sinatra (>= 1.0.0)
    sinatra-redirect-with-flash (0.2.1)
      sinatra (>= 1.0.0)
    thin (1.6.3)
      daemons (~> 1.0, >= 1.0.9)
      eventmachine (~> 1.0)
      rack (~> 1.0)
    tilt (1.3.3)
    wiringpi (1.1.0)

PLATFORMS
  ruby

DEPENDENCIES
  haml
  pony
  rack
  rest_client
  sinatra
  sinatra-contrib
  sinatra-flash
  sinatra-redirect-with-flash
  thin
  wiringpi
